GIT
  remote: git://github.com/jetthoughts/yaml_db.git
  revision: fb4b6bd7e12de3cffa93e0a298a1e5253d7e92ba
  ref: fb4b6bd7e12de3cffa93e0a298a1e5253d7e92ba
  specs:
    yaml_db (0.2.3)

GIT
  remote: git://github.com/screenconcept/sprig.git
  revision: cb9f4e2b02ea73d1548e6dda1884b633e7efe670
  specs:
    sprig (0.1.1)

GEM
  remote: https://rubygems.org/
  remote: https://x6veLi2LExUsoSQrtiwP@gem.fury.io/me/
  specs:
    actionmailer (4.0.3)
      actionpack (= 4.0.3)
      mail (~> 2.5.4)
    actionpack (4.0.3)
      activesupport (= 4.0.3)
      builder (~> 3.1.0)
      erubis (~> 2.7.0)
      rack (~> 1.5.2)
      rack-test (~> 0.6.2)
    activemodel (4.0.3)
      activesupport (= 4.0.3)
      builder (~> 3.1.0)
    activerecord (4.0.3)
      activemodel (= 4.0.3)
      activerecord-deprecated_finders (~> 1.0.2)
      activesupport (= 4.0.3)
      arel (~> 4.0.0)
    activerecord-deprecated_finders (1.0.3)
    activesupport (4.0.3)
      i18n (~> 0.6, >= 0.6.4)
      minitest (~> 4.2)
      multi_json (~> 1.3)
      thread_safe (~> 0.1)
      tzinfo (~> 0.3.37)
    addressable (2.3.6)
    airbrake (3.1.16)
      builder
      multi_json
    ancestry (2.1.0)
      activerecord (>= 3.0.0)
    arel (4.0.2)
    ast (1.1.0)
    bcrypt (3.1.7)
    better_errors (1.1.0)
      coderay (>= 1.0.0)
      erubis (>= 2.6.6)
    binding_of_caller (0.7.2)
      debug_inspector (>= 0.0.1)
    blazing (0.4.1)
      activesupport
      grit
      i18n
      logging
      thor
    bootstrap-sass (2.3.2.2)
      sass (~> 3.2)
    bourbon (3.1.8)
      sass (>= 3.2.0)
      thor
    builder (3.1.4)
    byebug (2.7.0)
      columnize (~> 0.3)
      debugger-linecache (~> 1.2)
    capybara (2.2.1)
      mime-types (>= 1.16)
      nokogiri (>= 1.3.3)
      rack (>= 1.0.0)
      rack-test (>= 0.5.4)
      xpath (~> 2.0)
    capybara-webkit (1.1.0)
      capybara (~> 2.0, >= 2.0.2)
      json
    carrierwave (0.10.0)
      activemodel (>= 3.2.0)
      activesupport (>= 3.2.0)
      json (>= 1.7)
      mime-types (>= 1.16)
    celluloid (0.15.2)
      timers (~> 1.1.0)
    celluloid-io (0.15.0)
      celluloid (>= 0.15.0)
      nio4r (>= 0.5.0)
    ckeditor_rails (4.2)
      railties (>= 3.0)
    climate_control (0.0.3)
      activesupport (>= 3.0)
    cocaine (0.5.4)
      climate_control (>= 0.0.3, < 1.0)
    coderay (1.1.0)
    coffee-rails (4.0.1)
      coffee-script (>= 2.2.0)
      railties (>= 4.0.0, < 5.0)
    coffee-script (2.2.0)
      coffee-script-source
      execjs
    coffee-script-source (1.7.0)
    columnize (0.3.6)
    daemons (1.1.9)
    database_cleaner (1.2.0)
    debug_inspector (0.0.2)
    debugger-linecache (1.2.0)
    devise (3.2.4)
      bcrypt (~> 3.0)
      orm_adapter (~> 0.1)
      railties (>= 3.2.6, < 5)
      thread_safe (~> 0.1)
      warden (~> 1.2.3)
    devise-i18n (0.10.3)
    diff-lcs (1.2.5)
    dotenv (0.10.0)
    dotenv-rails (0.10.0)
      dotenv (= 0.10.0)
    erubis (2.7.0)
    eventmachine (1.0.3)
    execjs (2.0.2)
    fabrication (2.10.0)
    ffi (1.9.3)
    formatador (0.2.4)
    foundation-rails (5.2.2.0)
      railties (>= 3.1.0)
      sass (>= 3.2.0)
    grit (2.5.0)
      diff-lcs (~> 1.1)
      mime-types (~> 1.15)
      posix-spawn (~> 0.3.6)
    guard (2.6.0)
      formatador (>= 0.2.4)
      listen (~> 2.7)
      lumberjack (~> 1.0)
      pry (>= 0.9.12)
      thor (>= 0.18.1)
    guard-rspec (4.2.8)
      guard (~> 2.1)
      rspec (>= 2.14, < 4.0)
    guard-spring (0.0.4)
      guard
      spring
    haml (4.0.5)
      tilt
    haml-rails (0.5.3)
      actionpack (>= 4.0.1)
      activesupport (>= 4.0.1)
      haml (>= 3.1, < 5.0)
      railties (>= 4.0.1)
    has_scope (0.6.0.rc)
      actionpack (>= 3.2, < 5)
      activesupport (>= 3.2, < 5)
    hike (1.2.3)
    htmlentities (4.3.1)
    i18n (0.6.9)
    i18n-missing_translations (0.0.2)
      i18n (~> 0.6.0)
    inherited_resources (1.4.1)
      has_scope (~> 0.6.0.rc)
      responders (~> 1.0.0.rc)
    jbuilder (1.5.3)
      activesupport (>= 3.0.0)
      multi_json (>= 1.2.0)
    jquery-rails (3.1.0)
      railties (>= 3.0, < 5.0)
      thor (>= 0.14, < 2.0)
    jquery-ui-rails (4.2.1)
      railties (>= 3.2.16)
    json (1.8.1)
    kgio (2.9.2)
    kuhsaft (2.4.1)
      ancestry
      bootstrap-sass (= 2.3.2.2)
      bourbon
      carrierwave
      ckeditor_rails (= 4.2)
      coffee-rails
      haml (>= 4.0.3)
      htmlentities
      jquery-rails
      jquery-ui-rails
      mini_magick
      pg_search
      rails (~> 4.0.2)
      rdiscount
      remotipart
      sass-rails (~> 4.0.2)
      simple_form (~> 3.0.1)
    launchy (2.4.2)
      addressable (~> 2.3)
    libv8 (3.16.14.3)
    listen (2.7.1)
      celluloid (>= 0.15.2)
      celluloid-io (>= 0.15.0)
      rb-fsevent (>= 0.9.3)
      rb-inotify (>= 0.9)
    little-plugger (1.1.3)
    logging (1.8.2)
      little-plugger (>= 1.1.3)
      multi_json (>= 1.8.4)
    lumberjack (1.0.5)
    mail (2.5.4)
      mime-types (~> 1.16)
      treetop (~> 1.4.8)
    mailcatcher (0.2.4)
      eventmachine
      haml
      i18n
      json
      mail
      sinatra
      skinny (>= 0.1.2)
      sqlite3-ruby
      thin
    method_source (0.8.2)
    mime-types (1.25.1)
    mini_magick (3.7.0)
      subexec (~> 0.2.1)
    mini_portile (0.5.3)
    minitest (4.7.5)
    modernizr-rails (2.7.1)
    multi_json (1.9.2)
    newrelic_rpm (3.7.3.204)
    nio4r (1.0.0)
    nokogiri (1.6.1)
      mini_portile (~> 0.5.0)
    orm_adapter (0.5.0)
    paperclip (4.1.1)
      activemodel (>= 3.0.0)
      activesupport (>= 3.0.0)
      cocaine (~> 0.5.3)
      mime-types
    parser (2.1.7)
      ast (~> 1.1)
      slop (~> 3.4, >= 3.4.5)
    pg (0.17.1)
    pg_search (0.7.3)
      activerecord (>= 3.1)
      activesupport (>= 3.1)
      arel
    polyglot (0.3.4)
    posix-spawn (0.3.8)
    powerpack (0.0.9)
    pry (0.9.12.6)
      coderay (~> 1.0)
      method_source (~> 0.8)
      slop (~> 3.4)
    rack (1.5.2)
    rack-protection (1.5.2)
      rack
    rack-test (0.6.2)
      rack (>= 1.0)
    rails (4.0.3)
      actionmailer (= 4.0.3)
      actionpack (= 4.0.3)
      activerecord (= 4.0.3)
      activesupport (= 4.0.3)
      bundler (>= 1.3.0, < 2.0)
      railties (= 4.0.3)
      sprockets-rails (~> 2.0.0)
    rails-i18n (4.0.2)
      i18n (~> 0.6)
      rails (>= 4.0)
    railties (4.0.3)
      actionpack (= 4.0.3)
      activesupport (= 4.0.3)
      rake (>= 0.8.7)
      thor (>= 0.18.1, < 2.0)
    rainbow (2.0.0)
    raindrops (0.13.0)
    rake (10.2.2)
    rb-fsevent (0.9.4)
    rb-inotify (0.9.3)
      ffi (>= 0.5.0)
    rdiscount (2.1.7.1)
    rdoc (4.1.1)
      json (~> 1.4)
    ref (1.0.5)
    remotipart (1.2.1)
    responders (1.0.0)
      railties (>= 3.2, < 5)
    routes (0.2.0)
    rspec (2.14.1)
      rspec-core (~> 2.14.0)
      rspec-expectations (~> 2.14.0)
      rspec-mocks (~> 2.14.0)
    rspec-core (2.14.8)
    rspec-expectations (2.14.5)
      diff-lcs (>= 1.1.3, < 2.0)
    rspec-html-matchers (0.5.0)
      nokogiri (~> 1)
      rspec (~> 2, >= 2.11.0)
    rspec-mocks (2.14.6)
    rspec-rails (2.14.2)
      actionpack (>= 3.0)
      activemodel (>= 3.0)
      activesupport (>= 3.0)
      railties (>= 3.0)
      rspec-core (~> 2.14.0)
      rspec-expectations (~> 2.14.0)
      rspec-mocks (~> 2.14.0)
    rubocop (0.19.1)
      json (>= 1.7.7, < 2)
      parser (~> 2.1.7)
      powerpack (~> 0.0.6)
      rainbow (>= 1.99.1, < 3.0)
      ruby-progressbar (~> 1.4)
    ruby-progressbar (1.4.2)
    sass (3.2.19)
    sass-rails (4.0.2)
      railties (>= 4.0.0, < 5.0)
      sass (~> 3.2.0)
      sprockets (~> 2.8, <= 2.11.0)
      sprockets-rails (~> 2.0.0)
    sdoc (0.4.0)
      json (~> 1.8)
      rdoc (~> 4.0, < 5.0)
    selectivizr-rails (1.1.2)
    shoestrap (1.3.0)
      airbrake
      blazing (~> 0.4.0.beta3)
      rails (~> 4.0.2)
      thor (~> 0.18.1)
    simple-navigation (3.13.0)
      activesupport (>= 2.3.2)
    simple_form (3.0.1)
      actionpack (>= 4.0.0, < 4.1)
      activemodel (>= 4.0.0, < 4.1)
    sinatra (1.4.4)
      rack (~> 1.4)
      rack-protection (~> 1.4)
      tilt (~> 1.3, >= 1.3.4)
    skinny (0.2.3)
      eventmachine (~> 1.0.0)
      thin (~> 1.5.0)
    slop (3.5.0)
    spring (1.1.2)
    spring-commands-rspec (1.0.1)
      spring (>= 0.9.1)
    sprockets (2.11.0)
      hike (~> 1.2)
      multi_json (~> 1.0)
      rack (~> 1.0)
      tilt (~> 1.1, != 1.3.0)
    sprockets-rails (2.0.1)
      actionpack (>= 3.0)
      activesupport (>= 3.0)
      sprockets (~> 2.8)
    sqlite3 (1.3.9)
    sqlite3-ruby (1.3.3)
      sqlite3 (>= 1.3.3)
    subexec (0.2.3)
    terminal-notifier-guard (1.5.3)
    therubyracer (0.12.1)
      libv8 (~> 3.16.14.0)
      ref
    thin (1.5.1)
      daemons (>= 1.0.9)
      eventmachine (>= 0.12.6)
      rack (>= 1.0.0)
    thor (0.18.1)
    thread_safe (0.3.3)
    tilt (1.4.1)
    timers (1.1.0)
    treetop (1.4.15)
      polyglot
      polyglot (>= 0.3.1)
    turbolinks (2.2.1)
      coffee-rails
    tzinfo (0.3.39)
    uglifier (2.5.0)
      execjs (>= 0.3.0)
      json (>= 1.8.0)
    unicorn (4.8.2)
      kgio (~> 2.6)
      rack
      raindrops (~> 0.7)
    valle (1.0.0)
      activerecord (>= 3.0)
      activesupport
    warden (1.2.3)
      rack (>= 1.0)
    xpath (2.0.0)
      nokogiri (~> 1.3)

PLATFORMS
  ruby

DEPENDENCIES
  airbrake
  better_errors
  binding_of_caller
  bootstrap-sass
  bourbon
  byebug
  capybara
  capybara-webkit
  coffee-rails (~> 4.0.0)
  database_cleaner
  devise
  devise-i18n
  dotenv-rails
  fabrication
  foundation-rails
  guard-rspec
  guard-spring
  haml
  haml-rails
  i18n-missing_translations
  inherited_resources
  jbuilder (~> 1.2)
  jquery-rails
  kuhsaft (~> 2.4.1)
  launchy
  mail
  mailcatcher
  modernizr-rails
  newrelic_rpm
  paperclip
  pg
  rails (= 4.0.3)
  rails-i18n
  rb-fsevent
  routes
  rspec-html-matchers
  rspec-rails
  rubocop
  sass-rails (~> 4.0.0)
  sdoc
  selectivizr-rails
  shoestrap (>= 1.2.0)
  simple-navigation
  simple_form
  sprig!
  spring-commands-rspec
  terminal-notifier-guard
  therubyracer
  turbolinks
  uglifier (>= 1.3.0)
  unicorn
  valle
  yaml_db!
